GEM
  remote: https://rubygems.org/
  specs:
    ZenTest (4.12.0)
    byebug (11.1.3)
    coderay (1.1.2)
    hoe (3.22.1)
      rake (>= 0.8, < 15.0)
    method_source (1.0.0)
    pry (0.13.1)
      coderay (~> 1.1)
      method_source (~> 1.0)
    pry-byebug (3.9.0)
      byebug (~> 11.0)
      pry (~> 0.13.0)
    rake (13.0.1)
    rake-compiler (1.1.0)
      rake

PLATFORMS
  ruby

DEPENDENCIES
  ZenTest
  hoe
  pry-byebug
  rake-compiler

BUNDLED WITH
   2.1.4
